PATH
  remote: .
  specs:
    fluent-plugin-partial-json-parser (0.0.1)
      fluentd (~> 0.10.39)

GEM
  remote: https://rubygems.org/
  specs:
    cool.io (1.2.4)
    docile (1.1.3)
    fluentd (0.10.49)
      cool.io (>= 1.1.1, < 2.0.0, != 1.2.0)
      http_parser.rb (>= 0.5.1, < 0.7.0)
      json (>= 1.4.3)
      msgpack (>= 0.4.4, < 0.6.0, != 0.5.3, != 0.5.2, != 0.5.1, != 0.5.0)
      sigdump (~> 0.2.2)
      yajl-ruby (~> 1.0)
    http_parser.rb (0.6.0)
    json (1.8.1)
    msgpack (0.5.8)
    multi_json (1.10.1)
    rake (10.3.2)
    sigdump (0.2.2)
    simplecov (0.8.2)
      docile (~> 1.1.0)
      multi_json
      simplecov-html (~> 0.8.0)
    simplecov-html (0.8.0)
    yajl-ruby (1.2.1)

PLATFORMS
  ruby

DEPENDENCIES
  bundler (~> 1.6)
  fluent-plugin-partial-json-parser!
  rake
  simplecov
